PATH
  remote: .
  specs:
    dollar_to_euro (0.1.1)
      methadone (~> 1.9, >= 1.9.5)
      mongoid (>= 6.2.1, < 8.0)
      whenever (~> 0.10.0)
      whenever-test (~> 1.0, >= 1.0.1)

GEM
  remote: https://rubygems.org/
  specs:
    activemodel (5.2.0)
      activesupport (= 5.2.0)
    activesupport (5.2.0)
      concurrent-ruby (~> 1.0, >= 1.0.2)
      i18n (>= 0.7, < 2)
      minitest (~> 5.1)
      tzinfo (~> 1.1)
    aruba (0.14.5)
      childprocess (>= 0.6.3, < 0.10.0)
      contracts (~> 0.9)
      cucumber (>= 1.3.19)
      ffi (~> 1.9.10)
      rspec-expectations (>= 2.99)
      thor (~> 0.19)
    backports (3.11.1)
    bson (4.3.0)
    builder (3.2.3)
    byebug (10.0.2)
    childprocess (0.9.0)
      ffi (~> 1.0, >= 1.0.11)
    chronic (0.10.2)
    concurrent-ruby (1.0.5)
    contracts (0.16.0)
    cucumber (3.1.0)
      builder (>= 2.1.2)
      cucumber-core (~> 3.1.0)
      cucumber-expressions (~> 5.0.4)
      cucumber-wire (~> 0.0.1)
      diff-lcs (~> 1.3)
      gherkin (~> 5.0)
      multi_json (>= 1.7.5, < 2.0)
      multi_test (>= 0.1.2)
    cucumber-core (3.1.0)
      backports (>= 3.8.0)
      cucumber-tag_expressions (~> 1.1.0)
      gherkin (>= 5.0.0)
    cucumber-expressions (5.0.13)
    cucumber-tag_expressions (1.1.1)
    cucumber-wire (0.0.1)
    diff-lcs (1.3)
    docile (1.3.0)
    ffi (1.9.23)
    gherkin (5.0.0)
    i18n (1.0.1)
      concurrent-ruby (~> 1.0)
    json (2.1.0)
    methadone (1.9.5)
      bundler
    minitest (5.11.3)
    mongo (2.5.3)
      bson (>= 4.3.0, < 5.0.0)
    mongoid (7.0.1)
      activemodel (>= 5.1, < 6.0.0)
      mongo (>= 2.5.1, < 3.0.0)
    multi_json (1.13.1)
    multi_test (0.1.2)
    rake (12.3.1)
    rdoc (6.0.4)
    rspec (3.7.0)
      rspec-core (~> 3.7.0)
      rspec-expectations (~> 3.7.0)
      rspec-mocks (~> 3.7.0)
    rspec-core (3.7.1)
      rspec-support (~> 3.7.0)
    rspec-expectations (3.7.0)
      diff-lcs (>= 1.2.0, < 2.0)
      rspec-support (~> 3.7.0)
    rspec-mocks (3.7.0)
      diff-lcs (>= 1.2.0, < 2.0)
      rspec-support (~> 3.7.0)
    rspec-support (3.7.1)
    simplecov (0.16.1)
      docile (~> 1.1)
      json (>= 1.8, < 3)
      simplecov-html (~> 0.10.0)
    simplecov-html (0.10.2)
    thor (0.20.0)
    thread_safe (0.3.6)
    tzinfo (1.2.5)
      thread_safe (~> 0.1)
    whenever (0.10.0)
      chronic (>= 0.6.3)
    whenever-test (1.0.1)
      whenever

PLATFORMS
  ruby

DEPENDENCIES
  aruba (~> 0.14.3)
  bundler (~> 1.16, >= 1.16.1)
  byebug (~> 10.0)
  dollar_to_euro!
  rake (~> 12.3)
  rdoc (~> 6.0, >= 6.0.1)
  rspec (~> 3.7)
  simplecov (~> 0.16.1)

BUNDLED WITH
   1.16.1
